GIT
  remote: git://github.com/sinatra/sinatra.git
  revision: 0efa08c908a0417254241d47119a86e893f97a1e
  specs:
    sinatra (1.4.4)
      rack (~> 1.4)
      rack-protection (~> 1.4)
      tilt (~> 1.3, >= 1.3.4)

GEM
  remote: https://rubygems.org/
  specs:
    backports (3.4.0)
    coderay (1.1.0)
    daemons (1.1.9)
    eventmachine (1.0.3)
    mail (2.5.4)
      mime-types (~> 1.16)
      treetop (~> 1.4.8)
    method_source (0.8.2)
    mime-types (1.25.1)
    multi_json (1.8.4)
    newrelic_rpm (3.7.2.192)
    polyglot (0.3.3)
    pony (1.6.2)
      mail (>= 2.0)
    pry (0.9.12.6)
      coderay (~> 1.0)
      method_source (~> 0.8)
      slop (~> 3.4)
    rack (1.5.2)
    rack-protection (1.5.2)
      rack
    rack-test (0.6.2)
      rack (>= 1.0)
    sinatra-contrib (1.4.2)
      backports (>= 2.0)
      multi_json
      rack-protection
      rack-test
      sinatra (~> 1.4.0)
      tilt (~> 1.3)
    slop (3.4.7)
    thin (1.6.1)
      daemons (>= 1.0.9)
      eventmachine (>= 1.0.0)
      rack (>= 1.0.0)
    tilt (1.4.1)
    treetop (1.4.15)
      polyglot
      polyglot (>= 0.3.1)

PLATFORMS
  ruby

DEPENDENCIES
  newrelic_rpm
  pony
  pry
  sinatra!
  sinatra-contrib
  thin
